GEM
  remote: https://rubygems.org/
  specs:
    addressable (2.5.2)
      public_suffix (>= 2.0.2, < 4.0)
    airbrussh (1.3.0)
      sshkit (>= 1.6.1, != 1.7.0)
    ast (2.4.0)
    bcp47 (0.3.3)
      i18n
    builder (3.2.3)
    bundler-audit (0.6.0)
      bundler (~> 1.2)
      thor (~> 0.18)
    byebug (10.0.0)
    capistrano (3.10.1)
      airbrussh (>= 1.0.0)
      i18n
      rake (>= 10.0.0)
      sshkit (>= 1.9.0)
    capistrano-bundle_audit (0.2.1)
      bundler-audit (~> 0.5)
      capistrano (~> 3.0)
    capistrano-bundler (1.3.0)
      capistrano (~> 3.1)
      sshkit (~> 1.2)
    capistrano-one_time_key (0.0.1)
      capistrano (~> 3.0)
    capistrano-shared_configs (0.2.2)
    concurrent-ruby (1.0.5)
    connection_pool (2.2.1)
    coveralls (0.8.21)
      json (>= 1.8, < 3)
      simplecov (~> 0.14.1)
      term-ansicolor (~> 1.3)
      thor (~> 0.19.4)
      tins (~> 1.6)
    diff-lcs (1.3)
    dlss-capistrano (3.4.1)
      capistrano (~> 3.0)
      capistrano-bundle_audit (>= 0.1.0)
      capistrano-one_time_key
      capistrano-shared_configs
    docile (1.1.5)
    ebnf (1.1.2)
      rdf (>= 2.2, < 4.0)
      sxp (~> 1.0)
    equivalent-xml (0.6.0)
      nokogiri (>= 1.4.3)
    faraday (0.14.0)
      multipart-post (>= 1.2, < 3)
    haml (5.0.4)
      temple (>= 0.8.0)
      tilt
    hamster (3.0.0)
      concurrent-ruby (~> 1.0)
    htmlentities (4.3.4)
    i18n (1.0.0)
      concurrent-ruby (~> 1.0)
    json (2.1.0)
    json-ld (2.2.1)
      multi_json (~> 1.12)
      rdf (>= 2.2.8, < 4.0)
    json-ld-preloaded (2.2.3)
      json-ld (>= 2.2, < 4.0)
      multi_json (~> 1.12)
      rdf (>= 2.2, < 4.0)
    ld-patch (0.3.3)
      ebnf (~> 1.1)
      rdf (>= 2.2, < 4.0)
      rdf-xsd (>= 2.2, < 4.0)
      sparql (>= 2.2, < 4.0)
      sxp (~> 1.0)
    link_header (0.0.8)
    linkeddata (3.0.1)
      equivalent-xml (~> 0.6)
      json-ld (>= 2.2.1, < 4.0)
      ld-patch (~> 0.3, >= 0.3.3)
      nokogiri (~> 1.8)
      nokogumbo (~> 1.5)
      rdf (~> 3.0)
      rdf-aggregate-repo (>= 2.2.1, < 4.0)
      rdf-isomorphic (~> 3.0)
      rdf-json (>= 2.2, < 4.0)
      rdf-microdata (>= 2.2.3, < 4.0)
      rdf-n3 (~> 3.0)
      rdf-normalize (~> 0.3, >= 0.3.3)
      rdf-rdfa (~> 3.0)
      rdf-rdfxml (>= 2.2.1, < 4.0)
      rdf-reasoner (~> 0.5.0)
      rdf-tabular (>= 2.2.1, < 4.0)
      rdf-trig (>= 2.2, < 4.0)
      rdf-trix (>= 2.2.1, < 4.0)
      rdf-turtle (~> 3.0, >= 3.0.1)
      rdf-vocab (~> 3.0)
      rdf-xsd (~> 3.0)
      shex (~> 0.5, >= 0.5.2)
      sparql (~> 3.0)
      sparql-client (~> 3.0)
    mini_portile2 (2.3.0)
    multi_json (1.13.1)
    multipart-post (2.0.0)
    net-http-persistent (3.0.0)
      connection_pool (~> 2.2)
    net-scp (1.2.1)
      net-ssh (>= 2.6.5)
    net-ssh (4.2.0)
    nokogiri (1.8.2)
      mini_portile2 (~> 2.3.0)
    nokogumbo (1.5.0)
      nokogiri
    parallel (1.12.1)
    parser (2.5.0.2)
      ast (~> 2.4.0)
    powerpack (0.1.1)
    public_suffix (3.0.2)
    rainbow (3.0.0)
    rake (12.3.0)
    rdf (3.0.1)
      hamster (~> 3.0)
      link_header (~> 0.0, >= 0.0.8)
    rdf-aggregate-repo (2.2.1)
      rdf (>= 2.2, < 4.0)
    rdf-isomorphic (3.0.0)
      rdf (~> 3.0)
    rdf-json (2.2.0)
      rdf (>= 2.2, < 4.0)
    rdf-microdata (2.2.3)
      htmlentities (~> 4.3)
      nokogiri (~> 1.8)
      rdf (>= 2.2.8, < 4.0)
      rdf-xsd (>= 2.2, < 4.0)
    rdf-n3 (3.0.0)
      rdf (~> 3.0)
    rdf-normalize (0.3.3)
      rdf (>= 2.2, < 4.0)
    rdf-rdfa (3.0.1)
      haml (~> 5.0)
      htmlentities (~> 4.3)
      rdf (~> 3.0)
      rdf-aggregate-repo (>= 2.2, < 4.0)
      rdf-xsd (~> 3.0)
    rdf-rdfxml (2.2.1)
      htmlentities (~> 4.3)
      rdf (>= 2.2, < 4.0)
      rdf-rdfa (>= 2.2, < 4.0)
      rdf-xsd (>= 2.2, < 4.0)
    rdf-reasoner (0.5.1)
      rdf (~> 3.0)
      rdf-vocab (~> 3.0)
      rdf-xsd (~> 3.0)
    rdf-tabular (2.2.1)
      addressable (~> 2.3)
      bcp47 (~> 0.3, >= 0.3.3)
      json-ld (>= 2.1, < 4.0)
      rdf (>= 2.2, < 4.0)
      rdf-vocab (>= 2.2, < 4.0)
      rdf-xsd (>= 2.2, < 4.0)
    rdf-trig (2.2.0)
      ebnf (~> 1.0, >= 1.0.1)
      rdf (>= 2.2, < 4.0)
      rdf-turtle (>= 2.2, < 4.0)
    rdf-trix (2.2.1)
      rdf (>= 2.2, < 4.0)
    rdf-turtle (3.0.1)
      ebnf (~> 1.1)
      rdf (~> 3.0)
    rdf-vocab (3.0.2)
      rdf (~> 3.0)
    rdf-xsd (3.0.0)
      rdf (~> 3.0)
    rspec (3.7.0)
      rspec-core (~> 3.7.0)
      rspec-expectations (~> 3.7.0)
      rspec-mocks (~> 3.7.0)
    rspec-core (3.7.1)
      rspec-support (~> 3.7.0)
    rspec-expectations (3.7.0)
      diff-lcs (>= 1.2.0, < 2.0)
      rspec-support (~> 3.7.0)
    rspec-mocks (3.7.0)
      diff-lcs (>= 1.2.0, < 2.0)
      rspec-support (~> 3.7.0)
    rspec-support (3.7.1)
    rubocop (0.53.0)
      parallel (~> 1.10)
      parser (>= 2.5)
      powerpack (~> 0.1)
      rainbow (>= 2.2.2, < 4.0)
      ruby-progressbar (~> 1.7)
      unicode-display_width (~> 1.0, >= 1.0.1)
    rubocop-rspec (1.23.0)
      rubocop (>= 0.52.1)
    ruby-progressbar (1.9.0)
    shex (0.5.2)
      ebnf (~> 1.1)
      json-ld (>= 2.2, < 4.0)
      json-ld-preloaded (>= 2.2, < 4.0)
      rdf (>= 2.2, < 4.0)
      rdf-xsd (>= 2.2, < 4.0)
      sparql (>= 2.2, < 4.0)
      sxp (~> 1.0)
    simplecov (0.14.1)
      docile (~> 1.1.0)
      json (>= 1.8, < 3)
      simplecov-html (~> 0.10.0)
    simplecov-html (0.10.2)
    sparql (3.0.0)
      builder (~> 3.2)
      ebnf (~> 1.1)
      rdf (~> 3.0)
      rdf-aggregate-repo (>= 2.2, < 4.0)
      rdf-xsd (~> 3.0)
      sparql-client (~> 3.0)
      sxp (~> 1.0)
    sparql-client (3.0.0)
      net-http-persistent (>= 2.9, < 4)
      rdf (~> 3.0)
    sshkit (1.16.0)
      net-scp (>= 1.1.2)
      net-ssh (>= 2.8.0)
    sxp (1.0.1)
      rdf (>= 2.2, < 4.0)
    temple (0.8.0)
    term-ansicolor (1.6.0)
      tins (~> 1.0)
    thor (0.19.4)
    tilt (2.0.8)
    tins (1.16.3)
    unicode-display_width (1.3.0)

PLATFORMS
  ruby

DEPENDENCIES
  byebug
  capistrano (~> 3.0)
  capistrano-bundler
  coveralls
  dlss-capistrano
  faraday
  json
  linkeddata
  rake
  rdf-vocab (>= 2.2.2)
  rspec
  rubocop
  rubocop-rspec

BUNDLED WITH
   1.15.4
